ObjectType = Image
NDims = 3
BinaryData = True
BinaryDataByteOrderMSB = False
CompressedData = False
TransformMatrix = 1 0 0 0 0 1 0 1 0
Offset = -127.75 -127.75 -148.75
CenterOfRotation = 0 0 0
AnatomicalOrientation = RIA
ElementSpacing = 0.5 0.5 2.5
DimSize = 512 512 86
ElementType = MET_SHORT
ElementDataFile = ten.raw